GEM
  remote: https://rubygems.org/
  specs:
    coderay (1.0.8)
    guard (1.6.1)
      listen (>= 0.6.0)
      lumberjack (>= 1.0.2)
      pry (>= 0.9.10)
      thor (>= 0.14.6)
    guard-haml (0.4)
      guard (>= 1.1)
      haml (>= 3.0)
    guard-sass (1.0.1)
      guard (>= 1.1.0)
      sass (>= 3.1)
    haml (3.1.7)
    listen (0.7.2)
    lumberjack (1.0.2)
    method_source (0.8.1)
    pry (0.9.11.4)
      coderay (~> 1.0.5)
      method_source (~> 0.8)
      slop (~> 3.4)
    rb-fsevent (0.9.3)
    sass (3.2.5)
    slop (3.4.3)
    terminal-notifier-guard (1.5.3)
    thor (0.16.0)

PLATFORMS
  ruby

DEPENDENCIES
  guard
  guard-haml
  guard-sass
  rb-fsevent
  terminal-notifier-guard
